GIT
  remote: https://github.com/rodjek/rspec-puppet
  revision: 36812b35bd4a9d3f601bed34a222b304ea0b8e85
  specs:
    rspec-puppet (0.1.6)
      rspec

GEM
  remote: https://rubygems.org/
  specs:
    backports (3.3.3)
    coderay (1.0.9)
    diff-lcs (1.1.3)
    facter (1.7.2)
    hiera (1.2.1)
      json_pure
    json_pure (1.8.0)
    metaclass (0.0.1)
    method_source (0.8.2)
    mocha (0.10.5)
      metaclass (~> 0.0.1)
    nyan-cat-formatter (0.4.0)
    pry (0.9.12.2)
      coderay (~> 1.0.5)
      method_source (~> 0.8)
      slop (~> 3.4)
    puppet (3.2.3)
      facter (~> 1.6)
      hiera (~> 1.0)
      rgen (~> 0.6.5)
    rake (10.1.0)
    rgen (0.6.5)
    rspec (2.11.0)
      rspec-core (~> 2.11.0)
      rspec-expectations (~> 2.11.0)
      rspec-mocks (~> 2.11.0)
    rspec-core (2.11.1)
    rspec-expectations (2.11.3)
      diff-lcs (~> 1.1.3)
    rspec-mocks (2.11.3)
    ruby18_source_location (0.2)
    slop (3.4.6)

PLATFORMS
  ruby

DEPENDENCIES
  backports
  mocha (~> 0.10.5)
  nyan-cat-formatter
  pry
  puppet (>= 2.7.0)
  rake
  rspec (~> 2.11.0)
  rspec-puppet!
  ruby18_source_location
